GEM
  remote: https://rubygems.org/
  specs:
    addressable (2.6.0)
      public_suffix (>= 2.0.2, < 4.0)
    backports (3.15.0)
    builder (3.2.3)
    capybara (3.21.0)
      addressable
      mini_mime (>= 0.1.3)
      nokogiri (~> 1.8)
      rack (>= 1.6.0)
      rack-test (>= 0.6.3)
      regexp_parser (~> 1.5)
      xpath (~> 3.2)
    childprocess (1.0.1)
      rake (< 13.0)
    coderay (1.1.2)
    cucumber (3.1.2)
      builder (>= 2.1.2)
      cucumber-core (~> 3.2.0)
      cucumber-expressions (~> 6.0.1)
      cucumber-wire (~> 0.0.1)
      diff-lcs (~> 1.3)
      gherkin (~> 5.1.0)
      multi_json (>= 1.7.5, < 2.0)
      multi_test (>= 0.1.2)
    cucumber-core (3.2.1)
      backports (>= 3.8.0)
      cucumber-tag_expressions (~> 1.1.0)
      gherkin (~> 5.0)
    cucumber-expressions (6.0.1)
    cucumber-tag_expressions (1.1.1)
    cucumber-wire (0.0.1)
    diff-lcs (1.3)
    docile (1.3.1)
    domain_name (0.5.20180417)
      unf (>= 0.0.5, < 1.0.0)
    dotenv (2.7.2)
    ffi (1.11.1-x64-mingw32)
    gherkin (5.1.0)
    http-cookie (1.0.3)
      domain_name (~> 0.5)
    json (2.2.0)
    mail (2.7.1)
      mini_mime (>= 0.1.1)
    method_source (0.9.2)
    mime-types (3.2.2)
      mime-types-data (~> 3.2015)
    mime-types-data (3.2019.0331)
    mini_mime (1.0.1)
    mini_portile2 (2.8.0)
    multi_json (1.13.1)
    multi_test (0.1.2)
    mysql2 (0.5.2)
    mysql2 (0.5.2-x64-mingw32)
    net-ssh (5.2.0)
    net-ssh-gateway (2.0.0)
      net-ssh (>= 4.0.0)
    netrc (0.11.0)
    nokogiri (1.13.4)
      mini_portile2 (~> 2.8.0)
      racc (~> 1.4)
    nokogiri (1.13.4-x64-mingw32)
      racc (~> 1.4)
    os (1.0.1)
    pdf-core (0.7.0)
    pg (1.1.4)
    pg (1.1.4-x64-mingw32)
    prawn (2.2.2)
      pdf-core (~> 0.7.0)
      ttfunk (~> 1.5)
    pry (0.12.2)
      coderay (~> 1.1.0)
      method_source (~> 0.9.0)
    public_suffix (3.1.0)
    racc (1.6.0)
    rack (2.0.7)
    rack-test (1.1.0)
      rack (>= 1.0, < 3)
    rake (12.3.2)
    rdoc (6.1.1)
    regexp_parser (1.5.1)
    rest-client (2.0.2)
      http-cookie (>= 1.0.2, < 2.0)
      mime-types (>= 1.16, < 4.0)
      netrc (~> 0.8)
    rest-client (2.0.2-x64-mingw32)
      ffi (~> 1.9)
      http-cookie (>= 1.0.2, < 2.0)
      mime-types (>= 1.16, < 4.0)
      netrc (~> 0.8)
    rspec (3.8.0)
      rspec-core (~> 3.8.0)
      rspec-expectations (~> 3.8.0)
      rspec-mocks (~> 3.8.0)
    rspec-core (3.8.0)
      rspec-support (~> 3.8.0)
    rspec-expectations (3.8.3)
      diff-lcs (>= 1.2.0, < 2.0)
      rspec-support (~> 3.8.0)
    rspec-mocks (3.8.0)
      diff-lcs (>= 1.2.0, < 2.0)
      rspec-support (~> 3.8.0)
    rspec-support (3.8.0)
    rubyzip (1.2.3)
    selenium-webdriver (3.142.3)
      childprocess (>= 0.5, < 2.0)
      rubyzip (~> 1.2, >= 1.2.2)
    simplecov (0.16.1)
      docile (~> 1.1)
      json (>= 1.8, < 3)
      simplecov-html (~> 0.10.0)
    simplecov-html (0.10.2)
    sqlite3 (1.4.1)
    tiny_tds (2.1.2)
    tiny_tds (2.1.2-x64-mingw32)
    ttfunk (1.5.1)
    unf (0.1.4)
      unf_ext
    unf_ext (0.0.7.6)
    xpath (3.2.0)
      nokogiri (~> 1.8)

PLATFORMS
  ruby
  x64-mingw32

DEPENDENCIES
  capybara (~> 3.21)
  cucumber (~> 3.1, >= 3.1.2)
  dotenv (~> 2.7, >= 2.7.2)
  json (~> 2.2)
  mail (~> 2.7, >= 2.7.1)
  mysql2 (~> 0.5.2)
  net-ssh (~> 5.2)
  net-ssh-gateway (~> 2.0)
  os (~> 1.0, >= 1.0.1)
  pg (~> 1.1, >= 1.1.4)
  prawn (~> 2.2, >= 2.2.2)
  pry (~> 0.12.2)
  rake (~> 12.3, >= 12.3.2)
  rdoc (~> 6.1, >= 6.1.1)
  rest-client (~> 2.0, >= 2.0.2)
  rspec (~> 3.8)
  rubyzip (~> 1.2, >= 1.2.3)
  selenium-webdriver (~> 3.142, >= 3.142.3)
  simplecov (~> 0.16.1)
  sqlite3 (~> 1.4, >= 1.4.1)
  tiny_tds (~> 2.1, >= 2.1.2)

BUNDLED WITH
   2.0.1
